GEM
  remote: https://rubygems.org/
  specs:
    mini_portile2 (2.4.0)
    nokogiri (1.10.9)
      mini_portile2 (~> 2.4.0)
    yaml (0.1.0)

PLATFORMS
  ruby

DEPENDENCIES
  nokogiri
  yaml

BUNDLED WITH
   2.1.4
