GEM
  remote: https://rubygems.org/
  specs:
    mini_portile2 (2.8.0)
    nokogiri (1.13.5)
      mini_portile2 (~> 2.8.0)
      racc (~> 1.4)
    racc (1.6.0)
    yaml (0.1.0)

PLATFORMS
  ruby

DEPENDENCIES
  nokogiri
  yaml

BUNDLED WITH
   2.1.4
